PATH
  remote: .
  specs:
    monzenbarai (0.0.1)

GEM
  remote: https://rubygems.org/
  specs:
    rake (10.5.0)
    thor (0.20.0)

PLATFORMS
  ruby

DEPENDENCIES
  bundler (~> 1.16)
  monzenbarai!
  rake (~> 10.0)
  thor

BUNDLED WITH
   1.16.2
